GEM
  remote: https://rubygems.org/
  specs:
    mustermann (1.0.3)
    rack (2.2.3)
    rack-protection (2.0.5)
      rack
    sinatra (2.0.5)
      mustermann (~> 1.0)
      rack (~> 2.0)
      rack-protection (= 2.0.5)
      tilt (~> 2.0)
    sqlite3 (1.4.1)
    tilt (2.0.9)

PLATFORMS
  ruby

DEPENDENCIES
  sinatra
  sqlite3

BUNDLED WITH
   2.0.2
